GIT
  remote: https://github.com/finnlabs/rack-protection.git
  revision: 5a7d1bd2f05ca75faf7909c8cc978732a0080898
  ref: 5a7d1bd
  specs:
    rack-protection (1.5.2)
      rack

GIT
  remote: https://github.com/finnlabs/rspec-example_disabler.git
  revision: deb9c38e3f4e3688724583ac1ff58e1ae8aba409
  specs:
    rspec-example_disabler (0.0.1)

GIT
  remote: https://github.com/finnlabs/sprockets-rails.git
  revision: e069c097056e28e3cd4adc4ee8bb2a895c71bfc1
  branch: backport
  specs:
    sprockets-rails (2.0.1)
      actionpack (>= 3.0)
      activesupport (>= 3.0)
      sprockets (= 2.2.2.backport2)

GIT
  remote: https://github.com/guilleiguaran/sass-rails.git
  revision: 0393d9e1a6e4a776e61f16fb75f97971b9f4abd2
  branch: backport
  specs:
    sass-rails (4.0.1)
      railties (>= 3.2.0, < 5.0)
      sass (>= 3.2.0)
      sprockets-rails (~> 2.0.0.backport1)

GIT
  remote: https://github.com/rails/prototype_legacy_helper.git
  revision: a2cd95c3e3c1a4f7a9566efdab5ce59c886cb05f
  specs:
    prototype_legacy_helper (0.0.0)

GIT
  remote: https://github.com/tessi/sprockets.git
  revision: 1e56fd0a92a9fda93dab4550ab3cf82138d097ac
  branch: 2_2_2_backport2
  specs:
    sprockets (2.2.2.backport2)
      hike (~> 1.2)
      multi_json (~> 1.0)
      rack (~> 1.0)
      tilt (~> 1.1, != 1.3.0)

GEM
  remote: https://rubygems.org/
  specs:
    actionmailer (3.2.21)
      actionpack (= 3.2.21)
      mail (~> 2.5.4)
    actionpack (3.2.21)
      activemodel (= 3.2.21)
      activesupport (= 3.2.21)
      builder (~> 3.0.0)
      erubis (~> 2.7.0)
      journey (~> 1.0.4)
      rack (~> 1.4.5)
      rack-cache (~> 1.2)
      rack-test (~> 0.6.1)
      sprockets (~> 2.2.1)
    activemodel (3.2.21)
      activesupport (= 3.2.21)
      builder (~> 3.0.0)
    activerecord (3.2.21)
      activemodel (= 3.2.21)
      activesupport (= 3.2.21)
      arel (~> 3.0.2)
      tzinfo (~> 0.3.29)
    activerecord-tableless (1.3.3)
      activerecord (>= 2.3.0)
    activeresource (3.2.21)
      activemodel (= 3.2.21)
      activesupport (= 3.2.21)
    activesupport (3.2.21)
      i18n (~> 0.6, >= 0.6.4)
      multi_json (~> 1.0)
    acts_as_list (0.3.0)
      activerecord (>= 3.0)
    addressable (2.3.4)
    arel (3.0.3)
    ast (2.0.0)
    astrolabe (1.3.0)
      parser (>= 2.2.0.pre.3, < 3.0)
    autoprefixer-rails (5.1.5)
      execjs
      json
    awesome_nested_set (2.1.6)
      activerecord (>= 3.0.0)
    axiom-types (0.1.1)
      descendants_tracker (~> 0.0.4)
      ice_nine (~> 0.11.0)
      thread_safe (~> 0.3, >= 0.3.1)
    binding_of_caller (0.7.2)
      debug_inspector (>= 0.0.1)
    bourbon (4.2.0)
      sass (~> 3.4)
      thor
    builder (3.0.4)
    byebug (2.7.0)
      columnize (~> 0.3)
      debugger-linecache (~> 1.2)
    capybara (2.4.4)
      mime-types (>= 1.16)
      nokogiri (>= 1.3.3)
      rack (>= 1.0.0)
      rack-test (>= 0.5.4)
      xpath (~> 2.0)
    capybara-screenshot (1.0.5)
      capybara (>= 1.0, < 3)
      colored
      launchy
    carrierwave (0.10.0)
      activemodel (>= 3.2.0)
      activesupport (>= 3.2.0)
      json (>= 1.7)
      mime-types (>= 1.16)
    childprocess (0.5.5)
      ffi (~> 1.0, >= 1.0.11)
    climate_control (0.0.3)
      activesupport (>= 3.0)
    cocaine (0.5.4)
      climate_control (>= 0.0.3, < 1.0)
    codeclimate-test-reporter (0.1.1)
      simplecov (>= 0.7.1, < 1.0.0)
    coderay (1.0.9)
    coercible (1.0.0)
      descendants_tracker (~> 0.0.1)
    color-tools (1.3.0)
    colored (1.2)
    columnize (0.8.9)
    cucumber (1.3.18)
      builder (>= 2.1.2)
      diff-lcs (>= 1.1.3)
      gherkin (~> 2.12)
      multi_json (>= 1.7.5, < 2.0)
      multi_test (>= 0.1.1)
    cucumber-rails (1.4.2)
      capybara (>= 1.1.2, < 3)
      cucumber (>= 1.3.8, < 2)
      mime-types (>= 1.16, < 3)
      nokogiri (~> 1.5)
      rails (>= 3, < 5)
    daemons (1.1.9)
    dalli (2.7.2)
    database_cleaner (1.2.0)
    date_validator (0.7.1)
      activemodel
    debug_inspector (0.0.2)
    debugger-linecache (1.2.0)
    delayed_job (3.0.5)
      activesupport (~> 3.0)
    delayed_job_active_record (0.3.3)
      activerecord (>= 2.1.0, < 4)
      delayed_job (~> 3.0)
    descendants_tracker (0.0.4)
      thread_safe (~> 0.3, >= 0.3.1)
    diff-lcs (1.2.5)
    disposable (0.0.9)
      representable (~> 2.0)
      uber
    equalizer (0.0.9)
    equivalent-xml (0.5.1)
      nokogiri (>= 1.4.3)
    erubis (2.7.0)
    eventmachine (1.0.7)
    excon (0.42.1)
    execjs (1.4.0)
      multi_json (~> 1.0)
    factory_girl (4.5.0)
      activesupport (>= 3.0.0)
    factory_girl_rails (4.5.0)
      factory_girl (~> 4.5.0)
      railties (>= 3.0.0)
    faker (1.2.0)
      i18n (~> 0.5)
    ffi (1.9.6)
    fog (1.23.0)
      fog-brightbox
      fog-core (~> 1.23)
      fog-json
      fog-softlayer
      ipaddress (~> 0.5)
      nokogiri (~> 1.5, >= 1.5.11)
    fog-brightbox (0.7.1)
      fog-core (~> 1.22)
      fog-json
      inflecto (~> 0.0.2)
    fog-core (1.25.0)
      builder
      excon (~> 0.38)
      formatador (~> 0.2)
      mime-types
      net-scp (~> 1.1)
      net-ssh (>= 2.1.3)
    fog-json (1.0.0)
      multi_json (~> 1.0)
    fog-softlayer (0.3.25)
      fog-core
      fog-json
    formatador (0.2.5)
    gherkin (2.12.2)
      multi_json (~> 1.3)
    globalize (3.1.0)
      activemodel (>= 3.1.0, < 4.0.0)
      activerecord (>= 3.1.0, < 4.0.0)
    gon (4.0.0)
      actionpack (>= 2.3.0)
      json
    grape (0.10.1)
      activesupport
      builder
      hashie (>= 2.1.0)
      multi_json (>= 1.3.2)
      multi_xml (>= 0.5.2)
      rack (>= 1.3.0)
      rack-accept
      rack-mount
      virtus (>= 1.0.0)
    gravatar_image_tag (1.2.0)
    hashie (2.1.1)
    hike (1.2.3)
    hooks (0.3.3)
    htmldiff (0.0.1)
    i18n (0.6.11)
    ice_nine (0.11.1)
    inflecto (0.0.2)
    interception (0.3)
    ipaddress (0.8.0)
    iso8601 (0.8.2)
    journey (1.0.4)
    json (1.8.2)
    json_spec (1.1.4)
      multi_json (~> 1.0)
      rspec (>= 2.0, < 4.0)
    kgio (2.9.2)
    launchy (2.3.0)
      addressable (~> 2.3)
    letter_opener (1.0.0)
      launchy (>= 2.0.4)
    livingstyleguide (1.2.2)
      hooks (= 0.3.3)
      minisyntax
      redcarpet (~> 3.0.0)
      sass
      thor
      tilt
    mail (2.5.4)
      mime-types (~> 1.16)
      treetop (~> 1.4.8)
    method_source (0.8.2)
    mime-types (1.25.1)
    mini_portile (0.6.2)
    minisyntax (0.2.3)
    multi_json (1.10.1)
    multi_test (0.1.1)
    multi_xml (0.5.5)
    mysql2 (0.3.17)
    net-ldap (0.8.0)
    net-scp (1.2.1)
      net-ssh (>= 2.6.5)
    net-ssh (2.9.2)
    nokogiri (1.6.6.2)
      mini_portile (~> 0.6.0)
    non-stupid-digest-assets (1.0.4)
    object-daddy (1.1.1)
    oj (2.11.4)
    omniauth (1.2.1)
      hashie (>= 1.2, < 3)
      rack (~> 1.0)
    parser (2.2.0.2)
      ast (>= 1.1, < 3.0)
    pg (0.17.1)
    polyglot (0.3.5)
    powerpack (0.0.9)
    prototype-rails (3.2.1)
      rails (~> 3.2)
    pry (0.9.12.6)
      coderay (~> 1.0)
      method_source (~> 0.8)
      slop (~> 3.4)
    pry-byebug (1.3.2)
      byebug (~> 2.7)
      pry (~> 0.9.12)
    pry-doc (0.4.6)
      pry (>= 0.9)
      yard (>= 0.8)
    pry-rails (0.3.2)
      pry (>= 0.9.10)
    pry-rescue (1.1.1)
      interception (>= 0.3)
      pry
    pry-stack_explorer (0.4.9.1)
      binding_of_caller (>= 0.7)
      pry (>= 0.9.11)
    quiet_assets (1.0.2)
      railties (>= 3.1, < 5.0)
    rabl (0.9.3)
      activesupport (>= 2.3.14)
    rack (1.4.5)
    rack-accept (0.4.5)
      rack (>= 0.4)
    rack-attack (4.2.0)
      rack
    rack-cache (1.2)
      rack (>= 0.4)
    rack-mount (0.8.3)
      rack (>= 1.0.0)
    rack-ssl (1.3.4)
      rack
    rack-test (0.6.3)
      rack (>= 1.0)
    rack_session_access (0.1.1)
      builder (>= 2.0.0)
      rack (>= 1.0.0)
    rails (3.2.21)
      actionmailer (= 3.2.21)
      actionpack (= 3.2.21)
      activerecord (= 3.2.21)
      activeresource (= 3.2.21)
      activesupport (= 3.2.21)
      bundler (~> 1.0)
      railties (= 3.2.21)
    rails-dev-tweaks (0.6.1)
      actionpack (~> 3.1)
      railties (~> 3.1)
    rails_autolink (1.1.6)
      rails (> 3.1)
    railties (3.2.21)
      actionpack (= 3.2.21)
      activesupport (= 3.2.21)
      rack-ssl (~> 1.3.2)
      rake (>= 0.8.7)
      rdoc (~> 3.4)
      thor (>= 0.14.6, < 2.0)
    rainbow (2.0.0)
    raindrops (0.13.0)
    rake (10.4.2)
    rb-readline (0.5.1)
    rdoc (3.12.2)
      json (~> 1.4)
    redcarpet (3.0.0)
    reform (1.2.6)
      activemodel
      disposable (~> 0.0.5)
      representable (~> 2.1.0)
      uber (~> 0.0.11)
    representable (2.1.5)
      multi_json
      nokogiri
      uber (~> 0.0.7)
    request_store (1.1.0)
    roar (1.0.0)
      representable (>= 2.0.1, <= 3.0.0)
    rspec (3.2.0)
      rspec-core (~> 3.2.0)
      rspec-expectations (~> 3.2.0)
      rspec-mocks (~> 3.2.0)
    rspec-activemodel-mocks (1.0.1)
      activemodel (>= 3.0)
      activesupport (>= 3.0)
      rspec-mocks (>= 2.99, < 4.0)
    rspec-core (3.2.0)
      rspec-support (~> 3.2.0)
    rspec-expectations (3.2.0)
      diff-lcs (>= 1.2.0, < 2.0)
      rspec-support (~> 3.2.0)
    rspec-mocks (3.2.0)
      diff-lcs (>= 1.2.0, < 2.0)
      rspec-support (~> 3.2.0)
    rspec-rails (3.2.0)
      actionpack (>= 3.0, <= 4.2)
      activesupport (>= 3.0, <= 4.2)
      railties (>= 3.0, <= 4.2)
      rspec-core (~> 3.2.0)
      rspec-expectations (~> 3.2.0)
      rspec-mocks (~> 3.2.0)
      rspec-support (~> 3.2.0)
    rspec-support (3.2.0)
    rubocop (0.28.0)
      astrolabe (~> 1.3)
      parser (>= 2.2.0.pre.7, < 3.0)
      powerpack (~> 0.0.6)
      rainbow (>= 1.99.1, < 3.0)
      ruby-progressbar (~> 1.4)
    ruby-duration (3.2.0)
      activesupport (>= 3.0.0)
      i18n
      iso8601
    ruby-prof (0.13.0)
    ruby-progressbar (1.7.1)
    rubytree (0.8.3)
      json (>= 1.7.5)
      structured_warnings (>= 0.1.3)
    rubyzip (1.1.6)
    sass (3.4.12)
    selenium-webdriver (2.44.0)
      childprocess (~> 0.5)
      multi_json (~> 1.0)
      rubyzip (~> 1.0)
      websocket (~> 1.0)
    shoulda (3.5.0)
      shoulda-context (~> 1.0, >= 1.0.1)
      shoulda-matchers (>= 1.4.1, < 3.0)
    shoulda-context (1.2.1)
    shoulda-matchers (2.5.0)
      activesupport (>= 3.0.0)
    simplecov (0.8.0.pre)
      multi_json
      simplecov-html (~> 0.7.1)
    simplecov-html (0.7.1)
    slop (3.5.0)
    strong_parameters (0.2.1)
      actionpack (~> 3.0)
      activemodel (~> 3.0)
      railties (~> 3.0)
    structured_warnings (0.1.4)
    svg-graph (1.0.5)
    syck (1.0.1)
    thin (1.5.1)
      daemons (>= 1.0.9)
      eventmachine (>= 0.12.6)
      rack (>= 1.0.0)
    thor (0.19.1)
    thread_safe (0.3.4)
    tilt (1.4.1)
    timecop (0.7.1)
    treetop (1.4.15)
      polyglot
      polyglot (>= 0.3.1)
    tzinfo (0.3.43)
    uber (0.0.13)
    uglifier (2.1.1)
      execjs (>= 0.3.0)
      multi_json (~> 1.0, >= 1.0.2)
    unicorn (4.8.3)
      kgio (~> 2.6)
      rack
      raindrops (~> 0.7)
    virtus (1.0.4)
      axiom-types (~> 0.1)
      coercible (~> 1.0)
      descendants_tracker (~> 0.0, >= 0.0.3)
      equalizer (~> 0.0, >= 0.0.9)
    websocket (1.2.1)
    will_paginate (3.0.5)
    xpath (2.0.0)
      nokogiri (~> 1.3)
    yard (0.8.7.2)

PLATFORMS
  ruby

DEPENDENCIES
  activerecord-jdbcmysql-adapter
  activerecord-jdbcpostgresql-adapter
  activerecord-tableless (~> 1.0)
  acts_as_list (~> 0.3.0)
  autoprefixer-rails
  awesome_nested_set
  bourbon (~> 4.2.0)
  capybara (~> 2.4.4)
  capybara-screenshot (~> 1.0.4)
  carrierwave (~> 0.10.0)
  cocaine
  codeclimate-test-reporter
  coderay (~> 1.0.9)
  color-tools (~> 1.3.0)
  cucumber-rails (~> 1.4.2)
  daemons
  dalli (~> 2.7.2)
  database_cleaner (~> 1.2.0)
  date_validator (~> 0.7.1)
  delayed_job_active_record (= 0.3.3)
  equivalent-xml (~> 0.5.1)
  execjs (~> 1.3)
  factory_girl_rails (~> 4.5)
  faker
  fog (~> 1.23.0)
  globalize (~> 3.1.0)
  gon (~> 4.0)
  grape (~> 0.10.1)
  gravatar_image_tag (~> 1.2.0)
  htmldiff
  i18n (~> 0.6.8)
  jruby-openssl
  json_spec
  launchy (~> 2.3.0)
  letter_opener (~> 1.0.0)
  livingstyleguide (~> 1.2.2)
  multi_json
  mysql2 (~> 0.3.11)
  net-ldap (~> 0.8.0)
  nokogiri (~> 1.6.6)
  non-stupid-digest-assets
  object-daddy (~> 1.1.0)
  oj (~> 2.11.4)
  omniauth
  pg (~> 0.17.1)
  prototype-rails
  prototype_legacy_helper (= 0.0.0)!
  pry-byebug
  pry-doc
  pry-rails
  pry-rescue
  pry-stack_explorer
  quiet_assets
  rabl (= 0.9.3)
  rack-attack
  rack-protection!
  rack-test (~> 0.6.2)
  rack_session_access
  rails (~> 3.2.21)
  rails-dev-tweaks (~> 0.6.1)
  rails_autolink (~> 1.1.6)
  rb-readline (~> 0.5.1)
  rdoc (>= 2.4.2)
  reform (~> 1.2.6)
  request_store
  roar (~> 1.0.0)
  rspec (~> 3.2.0)
  rspec-activemodel-mocks
  rspec-example_disabler!
  rspec-rails (~> 3.2.0)
  rubocop (~> 0.28)
  ruby-duration (~> 3.2.0)
  ruby-prof
  ruby-progressbar
  rubytree (~> 0.8.3)
  sass (~> 3.4.12)
  sass-rails!
  selenium-webdriver (~> 2.44.0)
  shoulda
  shoulda-matchers (~> 2.5.0)
  simplecov (= 0.8.0.pre)
  sprockets!
  sprockets-rails!
  strong_parameters
  svg-graph
  syck
  thin
  timecop (~> 0.7.1)
  uglifier (>= 1.0.3)
  unicorn
  will_paginate (~> 3.0)
